PATH
  remote: .
  specs:
    hive-runner-android (1.2.16)
      device_api-android (~> 1.0, >= 1.2.9)
      hive-runner (~> 2.1.18)
      terminal-table (>= 1.4)

GEM
  remote: https://rubygems.org/
  specs:
    activemodel (4.2.8)
      activesupport (= 4.2.8)
      builder (~> 3.1)
    activerecord (4.2.8)
      activemodel (= 4.2.8)
      activesupport (= 4.2.8)
      arel (~> 6.0)
    activesupport (4.2.8)
      i18n (~> 0.7)
      minitest (~> 5.1)
      thread_safe (~> 0.3, >= 0.3.4)
      tzinfo (~> 1.1)
    addressable (2.5.1)
      public_suffix (~> 2.0, >= 2.0.2)
    airbrake-ruby (1.2.4)
    android-devices (1.0.1)
    arel (6.0.4)
    axiom-types (0.1.1)
      descendants_tracker (~> 0.0.4)
      ice_nine (~> 0.11.0)
      thread_safe (~> 0.3, >= 0.3.1)
    builder (3.2.3)
    chamber (2.10.1)
      hashie (~> 3.3)
      thor (~> 0.19.1)
    code_cache (0.2.3)
    coercible (1.0.0)
      descendants_tracker (~> 0.0.1)
    crack (0.4.3)
      safe_yaml (~> 1.0.0)
    daemons (1.2.4)
    declarative (0.0.9)
    declarative-option (0.1.0)
    descendants_tracker (0.0.4)
      thread_safe (~> 0.3, >= 0.3.1)
    device_api (1.0.2)
    device_api-android (1.2.18)
      android-devices
      device_api (~> 1.0.2)
    diff-lcs (1.3)
    equalizer (0.0.11)
    ffi (1.9.18)
    hashdiff (0.3.2)
    hashie (3.5.5)
    hive-messages (1.0.7)
      activemodel (>= 4.0, < 4.3)
      activesupport (>= 4.0, < 4.3)
      mimemagic (~> 0.3)
      multi_json (~> 1.11)
      multipart-post (~> 2.0)
      roar (~> 1.0)
      virtus (~> 1.0)
    hive-runner (2.1.26)
      activerecord (~> 4.2)
      airbrake-ruby (~> 1.2.2)
      chamber (~> 2.7)
      code_cache (~> 0.2)
      daemons (~> 1.2)
      hive-messages (~> 1.0, >= 1.0.6)
      mind_meld (~> 0.1.12)
      mono_logger (~> 1.1)
      res (~> 1.2.17)
      sys-cpu (~> 0.7)
      sys-uname (~> 1.0)
      terminal-table (~> 1.7.1)
    i18n (0.8.1)
    ice_nine (0.11.2)
    json (1.8.6)
    mimemagic (0.3.2)
    mind_meld (0.1.12)
      activesupport (~> 4)
    minitest (5.10.1)
    mono_logger (1.1.0)
    multi_json (1.12.1)
    multipart-post (2.0.0)
    ox (2.9.4)
    public_suffix (2.0.5)
    representable (3.0.3)
      declarative (< 0.1.0)
      declarative-option (< 0.2.0)
      uber (< 0.2.0)
    res (1.2.20)
      hive-messages (~> 1)
      json (~> 1.8)
      ox (~> 2.2)
      test_rail-api (~> 0.4)
    roar (1.1.0)
      representable (~> 3.0.0)
    rspec (3.5.0)
      rspec-core (~> 3.5.0)
      rspec-expectations (~> 3.5.0)
      rspec-mocks (~> 3.5.0)
    rspec-core (3.5.4)
      rspec-support (~> 3.5.0)
    rspec-expectations (3.5.0)
      diff-lcs (>= 1.2.0, < 2.0)
      rspec-support (~> 3.5.0)
    rspec-mocks (3.5.0)
      diff-lcs (>= 1.2.0, < 2.0)
      rspec-support (~> 3.5.0)
    rspec-support (3.5.0)
    safe_yaml (1.0.4)
    sys-cpu (0.7.2)
      ffi
    sys-uname (1.0.3)
      ffi (>= 1.0.0)
    terminal-table (1.7.3)
      unicode-display_width (~> 1.1.1)
    test_rail-api (0.4.0)
      json (~> 1.0)
      virtus (~> 1.0)
    thor (0.19.4)
    thread_safe (0.3.6)
    tzinfo (1.2.3)
      thread_safe (~> 0.1)
    uber (0.1.0)
    unicode-display_width (1.1.3)
    virtus (1.0.5)
      axiom-types (~> 0.1)
      coercible (~> 1.0)
      descendants_tracker (~> 0.0, >= 0.0.3)
      equalizer (~> 0.0, >= 0.0.9)
    webmock (1.24.6)
      addressable (>= 2.3.6)
      crack (>= 0.3.2)
      hashdiff

PLATFORMS
  ruby

DEPENDENCIES
  hive-runner-android!
  rspec (~> 3.5)
  webmock (~> 1.22)

BUNDLED WITH
   1.16.2
